GEM
  remote: https://rubygems.org/
  specs:
    coderay (1.1.3)
    cuba (3.9.3)
      rack (>= 1.6.0)
    method_source (1.0.0)
    nio4r (2.5.4)
    pry (0.13.1)
      coderay (~> 1.1)
      method_source (~> 1.0)
    puma (4.3.5)
      nio4r (~> 2.0)
    rack (2.2.3)
    sequel (5.36.0)

PLATFORMS
  ruby

DEPENDENCIES
  cuba
  pry
  puma (= 4.3.5)
  sequel

RUBY VERSION
   ruby 2.6.6p146

BUNDLED WITH
   2.1.4
